GEM
  remote: http://rubygems.org/
  specs:
    chunky_png (1.2.7)
    compass (0.12.2)
      chunky_png (~> 1.2)
      fssm (>= 0.2.7)
      sass (~> 3.1)
    daemons (1.1.9)
    eventmachine (1.0.0)
    fssm (0.2.10)
    haml (5.0.0)
      temple (>= 0.8.0)
      tilt
    json (1.7.7)
    rack (1.4.1)
    sass (3.2.5)
    sinatra (1.1.0)
      rack (~> 1.1)
      tilt (~> 1.1)
    temple (0.8.2)
    thin (1.4.1)
      daemons (>= 1.0.9)
      eventmachine (>= 0.12.6)
      rack (>= 1.0.0)
    tilt (1.3.3)

PLATFORMS
  ruby

DEPENDENCIES
  compass
  haml
  json (= 1.7.7)
  sinatra (= 1.1.0)
  thin
